GEM
  remote: https://rubygems.org/
  specs:
    rexml (3.2.6)
    ruby-graphviz (1.2.5)
      rexml

PLATFORMS
  x86_64-linux

DEPENDENCIES
  ruby-graphviz

BUNDLED WITH
   2.4.10
